GEM
  remote: https://rubygems.org/
  specs:
    memory_profiler (1.0.0)

PLATFORMS
  x86_64-darwin-20

DEPENDENCIES
  memory_profiler

BUNDLED WITH
   2.2.15
